GEM
  remote: https://rubygems.org/
  specs:
    gabba (1.0.1)
    newrelic_rpm (3.9.6.257)
    rack (1.5.2)
    rack-protection (1.5.3)
      rack
    rmagick (2.13.3)
    sinatra (1.4.5)
      rack (~> 1.4)
      rack-protection (~> 1.4)
      tilt (~> 1.3, >= 1.3.4)
    tilt (1.4.1)

PLATFORMS
  ruby

DEPENDENCIES
  gabba
  newrelic_rpm
  rmagick
  sinatra
